##TITLE= Parameter file, TOPSPIN		Version 3.1PV
##JCAMPDX= 5.0
##DATATYPE= Parameter Values
##NPOINTS= 95	$$ modification sequence number
##ORIGIN= Bruker BioSpin MRI GmbH
##OWNER= nmrsu
$$ 2019-04-17 12:00:05.568 +0800  Sendhil@linuxpc
$$ /opt/PV6.0.1/conf/instr/spect/specpar
$$ process /opt/PV6.0.1/prog/mod/cprserver
##$BF1= 400.3
##$BF2= 400.3
##$BF3= 400.3
##$HPPRECH= (0..15)
-1 0 1 -1 -1 -1 -1 -1 -1 -1 -1 -1 -1 -1 -1 -1
##$NUC1= 20
##$NUC2= 0
##$NUC3= 0
##$NUC4= 0
##$NUC5= 0
##$NUC6= 0
##$NUC7= 0
##$NUC8= 0
##$NUCARR= (0..123)
400.337 400.337 61.454167 427.015354 304.974473 58.913937 155.586159 56.254607
43.010838 128.444019 100.664819 28.919884 40.565796 54.271513 376.693141
31.603788 105.896743 24.50717 104.315248 79.5357 162.059388 30.729868 39.224655
32.650385 18.681218 10.253852 26.942796 97.248851 22.569134 22.575152 39.914836
105.300433 22.629033 99.240412 12.962023 94.988256 35.774318 106.151249
113.710492 25.048297 96.086301 122.08959 13.965016 68.548159 76.350323
20.888472 100.300352 108.117084 15.403366 38.652309 130.992084 17.349893
19.617306 37.216521 97.987165 26.089666 26.637203 90.109157 18.436123 20.66287
12.756526 18.319821 16.204917 18.629814 84.933416 88.847491 87.536708 87.724362
130.985258 142.649117 149.288197 95.802954 51.880541 104.76716 126.305399
80.097369 111.334464 33.003466 52.508769 39.771307 44.489163 52.821665
56.550167 122.583189 21.818367 13.451323 16.694053 13.771593 99.523778
43.957003 12.290346 16.133581 96.241015 13.771593 19.296243 85.431916 11.529706
33.187937 70.056197 19.300247 45.654431 32.551401 16.041504 10.076482 47.998805
16.679589 90.174308 91.083073 9.137015 31.087769 6.87779 7.490305 86.05958
6.921827 71.703647 26.468613 228.685305 230.929747 83.752898 64.331306
7.371806 100 100 100
##$OFFSF= (0..7)
0 0 0 0 0 0 0 0
##$OFFSH= (0..7)
-1171.69999998623 0 0 0 0 0 0 0
##$OFFSX= (0..7)
0 0 0 0 0 0 0 0
##$PRECHAN= (0..15)
-1 -1 2 -1 -1 -1 -1 -1 -1 -1 -1 -1 -1 -1 -1 -1
##$RECPRE= (0..15)
-1 0 1 -1 -1 -1 -1 -1 -1 -1 -1 -1 -1 -1 -1 -1
##$RECSEL= (0..15)
0 1 2 0 0 0 0 0 0 0 0 0 0 0 0 0
##$SELREC= (0..9)
0 0 0 0 0 0 0 0 0 0
##$SFO1= 162.059388
##$SFO2= 400.337
##$SFO3= 400.337
##$SFO4= 400.337
##$SFO5= 400.337
##$SFO6= 400.337
##$SFO7= 400.337
##$SFO8= 400.337
##END=
